GEM
  remote: https://rubygems.org/
  specs:
    blankslate (2.1.2.4)
    parslet (1.6.1)
      blankslate (~> 2.0)
    thor (0.19.1)
    vim-flavor (2.1.0)
      parslet (~> 1.0)
      thor (~> 0.14)

PLATFORMS
  x64-mingw32

DEPENDENCIES
  vim-flavor (~> 2.0)
